GIT
  remote: git://github.com/dej611/alphabetical_paginate.git
  revision: 976e4cf326706880277c5c67995c02281594007b
  specs:
    alphabetical_paginate (2.2.3)

GEM
  remote: https://rubygems.org/
  specs:
    actionmailer (4.0.13)
      actionpack (= 4.0.13)
      mail (~> 2.5, >= 2.5.4)
    actionpack (4.0.13)
      activesupport (= 4.0.13)
      builder (~> 3.1.0)
      erubis (~> 2.7.0)
      rack (~> 1.5.2)
      rack-test (~> 0.6.2)
    activemodel (4.0.13)
      activesupport (= 4.0.13)
      builder (~> 3.1.0)
    activerecord (4.0.13)
      activemodel (= 4.0.13)
      activerecord-deprecated_finders (~> 1.0.2)
      activesupport (= 4.0.13)
      arel (~> 4.0.0)
    activerecord-deprecated_finders (1.0.4)
    activesupport (4.0.13)
      i18n (~> 0.6, >= 0.6.9)
      minitest (~> 4.2)
      multi_json (~> 1.3)
      thread_safe (~> 0.1)
      tzinfo (~> 0.3.37)
    addressable (2.3.6)
    arel (4.0.2)
    arrayfields (4.9.2)
    async-rails (0.9.0)
      railties (>= 3.1)
    autoprefixer-rails (6.2.3)
      execjs
      json
    awesome_print (1.2.0)
    bcrypt (3.1.7)
    bootbox-rails (0.4.0)
    bootstrap-sass (3.2.0.4)
      sass (~> 3.2)
    brakeman (2.6.2)
      erubis (~> 2.6)
      fastercsv (~> 1.5)
      haml (>= 3.0, < 5.0)
      highline (~> 1.6.20)
      multi_json (~> 1.2)
      ruby2ruby (~> 2.1.1)
      ruby_parser (~> 3.5.0)
      sass (~> 3.0)
      slim (>= 1.3.6, < 3.0)
      terminal-table (~> 1.4)
    builder (3.1.4)
    byebug (9.0.6)
    callsite (0.0.11)
    cancancan (1.10.1)
    cane (2.6.2)
      parallel
    capistrano (2.15.4)
      highline
      net-scp (>= 1.0.0)
      net-sftp (>= 2.0.0)
      net-ssh (>= 2.0.14)
      net-ssh-gateway (>= 1.1.0)
    capistrano-ext (1.2.1)
      capistrano (>= 1.0.0)
    capybara (2.7.1)
      addressable
      mime-types (>= 1.16)
      nokogiri (>= 1.3.3)
      rack (>= 1.0.0)
      rack-test (>= 0.5.4)
      xpath (~> 2.0)
    childprocess (0.5.9)
      ffi (~> 1.0, >= 1.0.11)
    chronic (0.10.2)
    churn (0.0.35)
      chronic (>= 0.2.3)
      hirb
      json_pure
      main
      rest-client (>= 1.6.0)
      ruby_parser (~> 3.0)
      sexp_processor (~> 4.1)
    code_analyzer (0.4.5)
      sexp_processor
    code_metrics (0.1.3)
    coderay (1.1.0)
    colored (1.2)
    concurrent-ruby (1.1.5)
    cucumber (1.1.9)
      builder (>= 2.1.2)
      diff-lcs (>= 1.1.2)
      gherkin (~> 2.9.0)
      json (>= 1.4.6)
      term-ansicolor (>= 1.0.6)
    cucumber-rails (1.3.0)
      capybara (>= 1.1.2)
      cucumber (>= 1.1.8)
      nokogiri (>= 1.5.0)
    d3-rails (3.4.11)
      railties (>= 3.1)
    daemon_controller (1.2.0)
    daemons (1.1.9)
    database_cleaner (0.7.2)
    devise (3.3.0)
      bcrypt (~> 3.0)
      orm_adapter (~> 0.1)
      railties (>= 3.2.6, < 5)
      thread_safe (~> 0.1)
      warden (~> 1.2.3)
    diff-lcs (1.2.5)
    erubis (2.7.0)
    eventmachine (1.0.3)
    execjs (2.7.0)
    factory_girl (2.6.4)
      activesupport (>= 2.3.9)
    factory_girl_rails (1.7.0)
      factory_girl (~> 2.6.0)
      railties (>= 3.0.0)
    fastercsv (1.5.5)
    fattr (2.2.2)
    ffi (1.9.10)
    flay (2.5.0)
      ruby_parser (~> 3.0)
      sexp_processor (~> 4.0)
    flog (4.3.0)
      ruby_parser (~> 3.1, > 3.1.0)
      sexp_processor (~> 4.4)
    font-awesome-sass (4.2.0)
      sass (~> 3.2)
    gherkin (2.9.3)
      json (>= 1.4.6)
    git-version-bump (0.15.1)
    haml (4.0.5)
      tilt
    haml-rails (0.4)
      actionpack (>= 3.1, < 4.1)
      activesupport (>= 3.1, < 4.1)
      haml (>= 3.1, < 4.1)
      railties (>= 3.1, < 4.1)
    highline (1.6.21)
    hirb (0.7.2)
    hogan_assets (1.6.0)
      execjs (>= 1.2.9)
      sprockets (>= 2.0.3)
      tilt (>= 1.3.3)
    humanizer (2.6.0)
    i18n (0.9.5)
      concurrent-ruby (~> 1.0)
    iconv (1.0.4)
    jar_wrapper (0.1.8)
      zip
    jquery-rails (3.1.2)
      railties (>= 3.0, < 5.0)
      thor (>= 0.14, < 2.0)
    jquery-ui-rails (5.0.0)
      railties (>= 3.2.16)
    json (2.2.0)
    json_pure (1.8.1)
    launchy (2.4.2)
      addressable (~> 2.3)
    leaflet-rails (0.7.3)
    mail (2.7.1)
      mini_mime (>= 0.1.1)
    main (6.0.0)
      arrayfields (>= 4.7.4)
      chronic (>= 0.6.2)
      fattr (>= 2.2.0)
      map (>= 5.1.0)
    map (6.5.5)
    meta_request (0.4.0)
      callsite (~> 0.0, >= 0.0.11)
      rack-contrib (~> 1.1)
      railties (>= 3.0.0, < 5.1.0)
    method_source (0.8.2)
    metric_fu (4.11.1)
      cane (~> 2.5, >= 2.5.2)
      churn (~> 0.0.35)
      code_metrics (~> 0.1)
      coderay
      flay (~> 2.1, >= 2.0.1)
      flog (~> 4.1, >= 4.1.1)
      launchy (~> 2.0)
      metric_fu-Saikuro (~> 1.1, >= 1.1.3)
      multi_json
      rails_best_practices (~> 1.14, >= 1.14.3)
      redcard
      reek (~> 1.3, >= 1.3.4)
      roodi (~> 3.1)
    metric_fu-Saikuro (1.1.3)
    mime-types (2.99.3)
    mini_mime (1.0.2)
    mini_portile2 (2.0.0)
    minitest (4.7.5)
    modernizr-rails (2.7.1)
    multi_json (1.14.1)
    mysql2 (0.3.20)
    net-scp (1.2.1)
      net-ssh (>= 2.6.5)
    net-sftp (2.1.2)
      net-ssh (>= 2.6.5)
    net-ssh (2.9.1)
    net-ssh-gateway (1.2.0)
      net-ssh (>= 2.6.5)
    netrc (0.7.7)
    newrelic_rpm (3.9.4.245)
    nokogiri (1.6.7.2)
      mini_portile2 (~> 2.0.0.rc2)
    orm_adapter (0.5.0)
    parallel (1.3.2)
    passenger (4.0.50)
      daemon_controller (>= 1.2.0)
      rack
      rake (>= 0.8.1)
    progressbar (0.21.0)
    protected_attributes (1.1.4)
      activemodel (>= 4.0.1, < 5.0)
    pry (0.10.3)
      coderay (~> 1.1.0)
      method_source (~> 0.8.1)
      slop (~> 3.4)
    pry-byebug (3.4.0)
      byebug (~> 9.0)
      pry (~> 0.10)
    rack (1.5.5)
    rack-contrib (1.4.0)
      git-version-bump (~> 0.15)
      rack (~> 1.4)
    rack-test (0.6.3)
      rack (>= 1.0)
    rails (4.0.13)
      actionmailer (= 4.0.13)
      actionpack (= 4.0.13)
      activerecord (= 4.0.13)
      activesupport (= 4.0.13)
      bundler (>= 1.3.0, < 2.0)
      railties (= 4.0.13)
      sprockets-rails (~> 2.0)
    rails_best_practices (1.15.4)
      activesupport
      awesome_print
      code_analyzer (>= 0.4.3)
      colored
      erubis
      i18n
      json
      require_all
      ruby-progressbar
    railties (4.0.13)
      actionpack (= 4.0.13)
      activesupport (= 4.0.13)
      rake (>= 0.8.7)
      thor (>= 0.18.1, < 2.0)
    rainbow (2.0.0)
    rake (10.1.0)
    redcard (1.1.0)
    redcarpet (3.4.0)
    reek (1.3.8)
      rainbow (>= 1.99, < 3.0)
      ruby2ruby (>= 2.0.8, < 3.0)
      ruby_parser (~> 3.3)
      sexp_processor
    require_all (1.3.2)
    rest-client (1.7.2)
      mime-types (>= 1.16, < 3.0)
      netrc (~> 0.7)
    rolify (4.1.1)
    roodi (3.3.1)
      ruby_parser (~> 3.2, >= 3.2.2)
    rspec-activemodel-mocks (1.0.3)
      activemodel (>= 3.0)
      activesupport (>= 3.0)
      rspec-mocks (>= 2.99, < 4.0)
    rspec-collection_matchers (1.1.2)
      rspec-expectations (>= 2.99.0.beta1)
    rspec-core (3.2.0)
      rspec-support (~> 3.2.0)
    rspec-expectations (3.2.0)
      diff-lcs (>= 1.2.0, < 2.0)
      rspec-support (~> 3.2.0)
    rspec-mocks (3.2.0)
      diff-lcs (>= 1.2.0, < 2.0)
      rspec-support (~> 3.2.0)
    rspec-rails (3.2.0)
      actionpack (>= 3.0, <= 4.2)
      activesupport (>= 3.0, <= 4.2)
      railties (>= 3.0, <= 4.2)
      rspec-core (~> 3.2.0)
      rspec-expectations (~> 3.2.0)
      rspec-mocks (~> 3.2.0)
      rspec-support (~> 3.2.0)
    rspec-support (3.2.1)
    ruby-prof (0.15.1)
    ruby-progressbar (1.5.1)
    ruby2ruby (2.1.2)
      ruby_parser (~> 3.1)
      sexp_processor (~> 4.0)
    ruby_parser (3.5.0)
      sexp_processor (~> 4.1)
    rubyzip (1.2.0)
    rvm-capistrano (1.5.4)
      capistrano (~> 2.15.4)
    sass (3.4.4)
    sass-rails (5.0.7)
      railties (>= 4.0.0, < 6)
      sass (~> 3.1)
      sprockets (>= 2.8, < 4.0)
      sprockets-rails (>= 2.0, < 4.0)
      tilt (>= 1.1, < 3)
    selenium (0.2.11)
      jar_wrapper
    selenium-client (1.2.18)
    selenium-webdriver (2.53.4)
      childprocess (~> 0.5)
      rubyzip (~> 1.0)
      websocket (~> 1.0)
    sexp_processor (4.4.4)
    shoulda-matchers (2.8.0)
      activesupport (>= 3.0.0)
    simplecov (0.7.1)
      multi_json (~> 1.0)
      simplecov-html (~> 0.7.1)
    simplecov-html (0.7.1)
    slim (2.0.3)
      temple (~> 0.6.6)
      tilt (>= 1.3.3, < 2.1)
    slop (3.6.0)
    sprockets (3.7.2)
      concurrent-ruby (~> 1.0)
      rack (> 1, < 3)
    sprockets-rails (2.3.3)
      actionpack (>= 3.0)
      activesupport (>= 3.0)
      sprockets (>= 2.8, < 4.0)
    temple (0.6.8)
    term-ansicolor (1.3.0)
      tins (~> 1.0)
    terminal-table (1.4.5)
    thin (1.6.2)
      daemons (>= 1.0.9)
      eventmachine (>= 1.0.0)
      rack (>= 1.0.0)
    thor (0.20.3)
    thread_safe (0.3.6)
    tilt (2.0.10)
    tins (1.3.2)
    tinymce-rails (4.0.19)
      railties (>= 3.1.1)
    twitter-typeahead-rails (0.10.5)
      actionpack (>= 3.1)
      jquery-rails
      railties (>= 3.1)
    tzinfo (0.3.56)
    uglifier (2.5.3)
      execjs (>= 0.3.0)
      json (>= 1.8.0)
    validates_existence (0.9.2)
      activerecord
    warden (1.2.3)
      rack (>= 1.0)
    websocket (1.2.3)
    will_paginate (3.0.7)
    will_paginate-bootstrap (1.0.1)
      will_paginate (>= 3.0.3)
    xpath (2.0.0)
      nokogiri (~> 1.3)
    zip (2.0.2)

PLATFORMS
  ruby

DEPENDENCIES
  alphabetical_paginate!
  async-rails (~> 0.9.0)
  autoprefixer-rails (~> 6.2.3)
  awesome_print
  bootbox-rails (~> 0.4)
  bootstrap-sass (~> 3.2.0)
  brakeman (~> 2.6.2)
  cancancan (~> 1.10.1)
  capistrano (~> 2.15.4)
  capistrano-ext (~> 1.2.1)
  capybara (~> 2.7.1)
  cucumber (~> 1.1.0)
  cucumber-rails
  d3-rails (~> 3.4.11)
  database_cleaner (~> 0.7.0)
  devise (~> 3.3.0)
  factory_girl_rails (~> 1.1)
  font-awesome-sass (~> 4.2.0)
  haml-rails (~> 0.4)
  hogan_assets (~> 1.6.0)
  humanizer (~> 2.6.0)
  iconv (~> 1.0.4)
  jquery-rails (~> 3.1.2)
  jquery-ui-rails (~> 5.0.0)
  json
  launchy (~> 2.4.2)
  leaflet-rails (~> 0.7.3)
  meta_request
  metric_fu (~> 4.11.1)
  modernizr-rails (~> 2.7.1)
  mysql2 (~> 0.3.17)
  net-scp (~> 1.2.1)
  net-ssh (~> 2.9.1)
  newrelic_rpm (~> 3.9.4)
  nokogiri (>= 1.5.6)
  passenger (~> 4.0.50)
  progressbar (~> 0.21.0)
  protected_attributes
  pry
  pry-byebug
  rails (>= 4.0.13)
  rails_best_practices (~> 1.15.4)
  rake (= 10.1.0)
  redcarpet
  rolify (~> 4.1.1)
  rspec-activemodel-mocks (~> 1.0.2)
  rspec-collection_matchers (~> 1.1.2)
  rspec-rails (~> 3.2.0)
  ruby-prof (~> 0.15.1)
  rvm-capistrano (~> 1.5.4)
  sass-rails (~> 5.0.0)
  selenium (~> 0.2.11)
  selenium-client (~> 1.2.18)
  selenium-webdriver (~> 2.53.4)
  shoulda-matchers (~> 2.8.0)
  simplecov (~> 0.7.1)
  thin (~> 1.6.2)
  tinymce-rails (~> 4.0.19)
  twitter-typeahead-rails (~> 0.10.5)
  uglifier (~> 2.5.3)
  validates_existence (~> 0.9.2)
  will_paginate (~> 3.0.7)
  will_paginate-bootstrap (~> 1.0.1)

BUNDLED WITH
   1.17.3
